GEM
  remote: http://rubygems.org/
  specs:
    rack (1.6.11)
    rack-protection (1.5.4)
      rack
    sinatra (1.4.5)
      rack (~> 1.4)
      rack-protection (~> 1.4)
      tilt (~> 1.3, >= 1.3.4)
    tilt (1.4.1)

PLATFORMS
  ruby

DEPENDENCIES
  rack
  sinatra
